{
  "AcquisitionMatrixPE": 70,
  "AcquisitionNumber": 1,
  "AcquisitionTime": "16:02:9.937500",
  "BandwidthPerPixelPhaseEncode": 28.571,
  "BaseResolution": 70,
  "BodyPartExamined": "BRAIN",
  "ConsistencyInfo": "N4_VE11C_LATEST_20160120",
  "ConversionSoftware": "dcm2niix",
  "ConversionSoftwareVersion": "v1.0.20180622 GCC6.3.0",
  "DerivedVendorReportedEchoSpacing": 0.000500008,
  "DeviceSerialNumber": "166193",
  "DwellTime": 2.6e-06,
  "EchoTime": 0.03,
  "EchoTrainLength": 70,
  "EffectiveEchoSpacing": 0.000500007,
  "FlipAngle": 90,
  "ImageOrientationPatientDICOM": [0.994863, 0.00904768, -0.100823, -0.0251826, 0.986807, -0.159933],
  "ImageType": [
    "ORIGINAL",
    "PRIMARY",
    "M",
    "ND",
    "MOSAIC"
],
  "InPlanePhaseEncodingDirectionDICOM": "COL",
  "InstitutionAddress": "Vassar_Street_43_Cambridge_Middlesex_US_02139",
  "InstitutionName": "MIT",
  "InstitutionalDepartmentName": "Department",
  "MRAcquisitionType": "2D",
  "MagneticFieldStrength": 3,
  "Manufacturer": "Siemens",
  "ManufacturersModelName": "Prisma",
  "Modality": "MR",
  "MultibandAccelerationFactor": 2,
  "PartialFourier": 1,
  "PatientPosition": "HFS",
  "PercentPhaseFOV": 100,
  "PhaseEncodingDirection": "j-",
  "PhaseEncodingSteps": 70,
  "PhaseResolution": 1,
  "PixelBandwidth": 2745,
  "ProcedureStepDescription": "Saxe_Halie",
  "ProtocolName": "LITshort4_SMS2_3mm_iso",
  "PulseSequenceDetails": "%SiemensSeq%_ep2d_bold",
  "ReceiveCoilActiveElements": "HEA;HEP",
  "ReceiveCoilName": "Head_32",
  "ReconMatrixPE": 70,
  "RepetitionTime": 2,
  "SAR": 0.0507116,
  "ScanOptions": "FS",
  "ScanningSequence": "EP",
  "SequenceName": "_epfid2d1_70",
  "SequenceVariant": "SK",
  "SeriesDescription": "LITshort4_SMS2_3mm_iso",
  "SeriesNumber": 10,
  "ShimSetting": [3533, 2606, 4133, 495, 31, 31, 64, 77],
  "SliceThickness": 3,
  "SliceTiming": [0, 0.085, 0.1725, 0.2575, 0.345, 0.43, 0.5175, 0.6025, 0.6875, 0.775, 0.86, 0.9475, 1.0325, 1.12, 1.205, 1.29, 1.3775, 1.4625, 1.55, 1.635, 1.7225, 1.8075, 1.895, 0, 0.085, 0.1725, 0.2575, 0.345, 0.43, 0.5175, 0.6025, 0.6875, 0.775, 0.86, 0.9475, 1.0325, 1.12, 1.205, 1.29, 1.3775, 1.4625, 1.55, 1.635, 1.7225, 1.8075, 1.895],
  "SoftwareVersions": "syngo_MR_E11",
  "SpacingBetweenSlices": 3.3,
  "StationName": "AWP166193",
  "TaskName": "litshort",
  "TotalReadoutTime": 0.0345005,
  "TxRefAmp": 227.824}